GEM
  remote: https://rubygems.org/
  specs:
    childprocess (4.1.0)
    interactor (3.1.2)
    rexml (3.2.5)
    rubyzip (2.3.2)
    selenium-webdriver (4.1.0)
      childprocess (>= 0.5, < 5.0)
      rexml (~> 3.2, >= 3.2.5)
      rubyzip (>= 1.2.2)

PLATFORMS
  universal-darwin-20

DEPENDENCIES
  interactor
  selenium-webdriver

BUNDLED WITH
   2.3.8
